GEM
  remote: http://rubygems.org/
  specs:
    activerecord (2.3.11)
      activesupport (= 2.3.11)
    activesupport (2.3.11)
    sqlite3 (1.3.4)

PLATFORMS
  ruby

DEPENDENCIES
  activerecord (= 2.3.11)
  sqlite3
